GEM
  remote: https://rubygems.org/
  specs:
    addressable (2.3.8)
    backports (3.6.6)
    json (1.8.3)
    json-schema (2.5.1)
      addressable (~> 2.3.7)
    multi_json (1.11.2)
    rack (1.6.4)
    rack-protection (1.5.3)
      rack
    rack-test (0.6.3)
      rack (>= 1.0)
    sinatra (1.4.6)
      rack (~> 1.4)
      rack-protection (~> 1.4)
      tilt (>= 1.3, < 3)
    sinatra-contrib (1.4.6)
      backports (>= 2.0)
      multi_json
      rack-protection
      rack-test
      sinatra (~> 1.4.0)
      tilt (>= 1.3, < 3)
    sinatra-reloader (1.0)
      sinatra-contrib
    tilt (2.0.1)

PLATFORMS
  ruby

DEPENDENCIES
  json
  json-schema
  sinatra
  sinatra-reloader

BUNDLED WITH
   1.10.6
